GEM
  remote: http://rubygems.org/
  remote: http://gems.github.com/
  specs:
    SyslogLogger (1.4.0)
      hoe (>= 1.2.0)
    actionmailer (2.3.9)
      actionpack (= 2.3.9)
    actionpack (2.3.9)
      activesupport (= 2.3.9)
      rack (~> 1.1.0)
    activerecord (2.3.9)
      activesupport (= 2.3.9)
    activeresource (2.3.9)
      activesupport (= 2.3.9)
    activesupport (2.3.9)
    bson (1.0.4)
    bson_ext (1.0.4)
    hoe (2.6.2)
      rake (>= 0.8.7)
      rubyforge (>= 2.0.4)
    jnunemaker-validatable (1.8.4)
      activesupport (>= 2.3.4)
    json (1.4.6)
    json_pure (1.4.6)
    mongo (1.0.7)
      bson (>= 1.0.4)
    mongo_mapper (0.8.3)
      activesupport (>= 2.3.4)
      jnunemaker-validatable (~> 1.8.4)
      plucky (~> 0.3.3)
    mysql2 (0.2.4)
    plucky (0.3.4)
      mongo (~> 1.0.7)
    rack (1.1.0)
    rails (2.3.9)
      actionmailer (= 2.3.9)
      actionpack (= 2.3.9)
      activerecord (= 2.3.9)
      activeresource (= 2.3.9)
      activesupport (= 2.3.9)
      rake (>= 0.8.3)
    rake (0.8.7)
    rubyforge (2.0.4)
      json_pure (>= 1.1.7)

PLATFORMS
  ruby

DEPENDENCIES
  SyslogLogger (= 1.4.0)
  bson (= 1.0.4)
  bson_ext (= 1.0.4)
  jnunemaker-validatable (= 1.8.4)
  json (= 1.4.6)
  mongo (= 1.0.7)
  mongo_mapper (= 0.8.3)
  mysql2 (= 0.2.4)
  plucky (= 0.3.4)
  rack (= 1.1.0)
  rails (~> 2.3.5)
